GEM
  remote: https://rubygems.org/
  specs:
    bindata (1.8.1)

PLATFORMS
  x86-mingw32

DEPENDENCIES
  bindata (~> 1.8.1)
